PATH
  remote: .
  specs:
    angus-listing (0.0.1)
      activerecord (>= 3.1)

GEM
  remote: http://rubygems.org/
  specs:
    activemodel (3.2.21)
      activesupport (= 3.2.21)
      builder (~> 3.0.0)
    activerecord (3.2.21)
      activemodel (= 3.2.21)
      activesupport (= 3.2.21)
      arel (~> 3.0.2)
      tzinfo (~> 0.3.29)
    activesupport (3.2.21)
      i18n (~> 0.6, >= 0.6.4)
      multi_json (~> 1.0)
    arel (3.0.3)
    builder (3.0.4)
    ci_reporter (1.7.0)
      builder (>= 2.1.2)
    diff-lcs (1.3)
    i18n (0.7.0)
    multi_json (1.2.0)
    rack (1.5.1)
    rack-test (0.6.1)
      rack (>= 1.0)
    rake (10.0.3)
    rspec (3.6.0)
      rspec-core (~> 3.6.0)
      rspec-expectations (~> 3.6.0)
      rspec-mocks (~> 3.6.0)
    rspec-core (3.6.0)
      rspec-support (~> 3.6.0)
    rspec-expectations (3.6.0)
      diff-lcs (>= 1.2.0, < 2.0)
      rspec-support (~> 3.6.0)
    rspec-its (1.2.0)
      rspec-core (>= 3.0.0)
      rspec-expectations (>= 3.0.0)
    rspec-mocks (3.6.0)
      diff-lcs (>= 1.2.0, < 2.0)
      rspec-support (~> 3.6.0)
    rspec-support (3.6.0)
    simplecov (0.7.1)
      multi_json (~> 1.0)
      simplecov-html (~> 0.7.1)
    simplecov-html (0.7.1)
    simplecov-rcov (0.2.3)
      simplecov (>= 0.4.1)
    simplecov-rcov-text (0.0.2)
    sqlite3 (1.3.13)
    tzinfo (0.3.42)

PLATFORMS
  java
  ruby

DEPENDENCIES
  angus-listing!
  ci_reporter (= 1.7.0)
  rack-test (= 0.6.1)
  rake
  rspec
  rspec-its
  simplecov (= 0.7.1)
  simplecov-rcov (= 0.2.3)
  simplecov-rcov-text (= 0.0.2)
  sqlite3

BUNDLED WITH
   1.15.4
