PATH
  remote: .
  specs:
    bancard-picasso-listing (0.0.1)
      activerecord (~> 3.1)

GEM
  remote: http://rubygems.org/
  specs:
    activemodel (3.2.11)
      activesupport (= 3.2.11)
      builder (~> 3.0.0)
    activerecord (3.2.11)
      activemodel (= 3.2.11)
      activesupport (= 3.2.11)
      arel (~> 3.0.2)
      tzinfo (~> 0.3.29)
    activesupport (3.2.11)
      i18n (~> 0.6)
      multi_json (~> 1.0)
    arel (3.0.2)
    builder (3.0.4)
    ci_reporter (1.7.0)
      builder (>= 2.1.2)
    diff-lcs (1.1.3)
    i18n (0.6.1)
    multi_json (1.2.0)
    rack (1.5.1)
    rack-test (0.6.1)
      rack (>= 1.0)
    rake (10.0.3)
    rspec (2.12.0)
      rspec-core (~> 2.12.0)
      rspec-expectations (~> 2.12.0)
      rspec-mocks (~> 2.12.0)
    rspec-core (2.12.2)
    rspec-expectations (2.12.1)
      diff-lcs (~> 1.1.3)
    rspec-mocks (2.12.1)
    simplecov (0.6.4)
      multi_json (~> 1.0)
      simplecov-html (~> 0.5.3)
    simplecov-html (0.5.3)
    sqlite3 (1.3.7)
    tzinfo (0.3.35)

PLATFORMS
  java
  ruby

DEPENDENCIES
  bancard-picasso-listing!
  ci_reporter (= 1.7.0)
  rack-test (= 0.6.1)
  rake
  rspec (~> 2.12)
  simplecov (= 0.6.4)
  sqlite3 (= 1.3.7)
